GIT
  remote: https://github.com/roblabla/norminette42.git
  revision: f080f21631a67f21c682a3c6ab1e6656f13f2940
  specs:
    norminette (1.0.0alpha)
      bunny
      facter
      json

GEM
  remote: https://rubygems.org/
  specs:
    CFPropertyList (2.2.8)
    amq-protocol (2.0.0)
    bunny (2.2.0)
      amq-protocol (>= 2.0.0)
    facter (2.4.4)
      CFPropertyList (~> 2.2.6)
    json (1.8.3)

PLATFORMS
  ruby

DEPENDENCIES
  norminette!

BUNDLED WITH
   1.10.6
